PATH
  remote: .
  specs:
    hasoffers (0.1.6)
      crack
      yajl-ruby

GEM
  remote: http://rubygems.org/
  specs:
    crack (0.3.1)
    diff-lcs (1.1.3)
    ffi (1.1.5)
    ffi (1.1.5-x86-mingw32)
    fivemat (1.1.0)
    guard (1.2.3)
      listen (>= 0.4.2)
      thor (>= 0.14.6)
    guard-rspec (1.1.0)
      guard (>= 1.1)
    listen (0.5.3)
    rake (0.9.2.2)
    rb-inotify (0.8.8)
      ffi (>= 0.5.0)
    rspec (2.11.0)
      rspec-core (~> 2.11.0)
      rspec-expectations (~> 2.11.0)
      rspec-mocks (~> 2.11.0)
    rspec-core (2.11.1)
    rspec-expectations (2.11.3)
      diff-lcs (~> 1.1.3)
    rspec-mocks (2.11.3)
    thor (0.16.0)
    yajl-ruby (1.1.0)
    yajl-ruby (1.1.0-x86-mingw32)

PLATFORMS
  ruby
  x86-mingw32

DEPENDENCIES
  fivemat (~> 1.1.0)
  guard (~> 1.2.1)
  guard-rspec (~> 1.1.0)
  hasoffers!
  rake (~> 0.9.2)
  rb-inotify (~> 0.8.8)
  rspec (~> 2.11.0)
